PATH
  remote: ../grimm
  specs:
    grimm (0.2.0)
      rack
      tilt

GEM
  remote: https://rubygems.org/
  specs:
    rack (1.6.4)
    tilt (2.0.1)

PLATFORMS
  ruby

DEPENDENCIES
  grimm!

BUNDLED WITH
   1.11.0
